GEM
  remote: http://rubygems.org/
  specs:
    backports (2.2.1)
    chronic (0.3.0)
    chronic_duration (0.9.5)
      numerizer (~> 0.1.1)
    cinch (1.1.3)
    daemons (1.1.3)
    eventmachine (0.12.10)
    haml (3.1.2)
    monkey-lib (0.5.4)
      backports
    nokogiri (1.4.4)
    numerizer (0.1.1)
    rack (1.3.0)
    ri_cal (0.8.8)
    sass (3.1.2)
    sinatra (1.2.6)
      rack (~> 1.1)
      tilt (< 2.0, >= 1.2.2)
    sinatra-advanced-routes (0.5.1)
      monkey-lib (~> 0.5.0)
      sinatra (~> 1.0)
      sinatra-sugar (~> 0.5.0)
    sinatra-reloader (0.5.0)
      sinatra (~> 1.0)
      sinatra-advanced-routes (~> 0.5.0)
    sinatra-sugar (0.5.1)
      monkey-lib (~> 0.5.0)
      sinatra (~> 1.0)
    thin (1.2.11)
      daemons (>= 1.0.9)
      eventmachine (>= 0.12.6)
      rack (>= 1.0.0)
    tilt (1.3.2)

PLATFORMS
  ruby

DEPENDENCIES
  chronic (= 0.3.0)
  chronic_duration (= 0.9.5)
  cinch (= 1.1.3)
  haml (= 3.1.2)
  nokogiri (= 1.4.4)
  ri_cal (= 0.8.8)
  sass (= 3.1.2)
  sinatra (= 1.2.6)
  sinatra-reloader (= 0.5.0)
  thin (= 1.2.11)
